GEM
  remote: https://rubygems.org/
  specs:
    activesupport (3.2.9)
      i18n (~> 0.6)
      multi_json (~> 1.0)
    addressable (2.3.2)
    afmotion (0.1)
      motion-cocoapods (>= 1.2.1)
    bubble-wrap (1.1.4)
    cocoapods (0.16.0)
      activesupport (~> 3.2.6)
      colored (~> 1.2)
      escape (~> 0.0.4)
      faraday (~> 0.8.1)
      json (~> 1.7.3)
      octokit (~> 1.7)
      open4 (~> 1.3.0)
      rake (~> 0.9.4)
      xcodeproj (~> 0.4.0)
    colored (1.2)
    escape (0.0.4)
    faraday (0.8.4)
      multipart-post (~> 1.1)
    faraday_middleware (0.9.0)
      faraday (>= 0.7.4, < 0.9)
    formotion (1.1.5)
      bubble-wrap (>= 1.1.4)
    geomotion (0.1)
    hashie (1.2.0)
    i18n (0.6.1)
    ib (0.2.4)
      thor (>= 0.15.4)
      xcodeproj (>= 0.4.0)
    json (1.7.5)
    motion-cocoapods (1.2.1)
      cocoapods (>= 0.14.0)
    multi_json (1.4.0)
    multipart-post (1.1.5)
    octokit (1.19.0)
      addressable (~> 2.2)
      faraday (~> 0.8)
      faraday_middleware (~> 0.9)
      hashie (~> 1.2)
      multi_json (~> 1.3)
    open4 (1.3.0)
    rake (0.9.5)
    rubymotion_generators (0.0.4)
      thor (~> 0.15)
    sugarcube (0.11.3)
    teacup (1.0.3)
      rake
    thor (0.16.0)
    xcodeproj (0.4.0)
      activesupport (~> 3.2.6)
      colored (~> 1.2)

PLATFORMS
  ruby

DEPENDENCIES
  afmotion
  bubble-wrap
  formotion
  geomotion
  ib
  rubymotion_generators
  sugarcube
  teacup
